GEM
  remote: https://rubygems.org/
  specs:
    bcrypt (3.1.20)
    pg (1.6.1-x64-mingw-ucrt)

PLATFORMS
  x64-mingw-ucrt

DEPENDENCIES
  bcrypt
  pg

BUNDLED WITH
   2.6.9
